NUGET
  remote: https://www.nuget.org/api/v2
    FAKE (4.41.8)
    Microsoft.Web.Xdt (2.1.1)
    Mono.Cecil (0.9.6.4)
    NuGet.Core (2.12)
      Microsoft.Web.Xdt (>= 2.1)
    QuickGraph (3.6.61119.7)
