NUGET
  remote: https://www.nuget.org/api/v2
    FAKE (4.41.8)
    Mono.Cecil (0.9.6.4)
    QuickGraph (3.6.61119.7)
